GIT
  remote: https://github.com/tcocca/acts_as_follower.git
  revision: c5ac7b9601c4af01eb4d9112330b27be4d694ecc
  specs:
    acts_as_follower (0.2.1)
      activerecord (>= 4.0)

GEM
  remote: https://rubygems.org/
  specs:
    actioncable (8.0.2)
      actionpack (= 8.0.2)
      activesupport (= 8.0.2)
      nio4r (~> 2.0)
      websocket-driver (>= 0.6.1)
      zeitwerk (~> 2.6)
    actionmailbox (8.0.2)
      actionpack (= 8.0.2)
      activejob (= 8.0.2)
      activerecord (= 8.0.2)
      activestorage (= 8.0.2)
      activesupport (= 8.0.2)
      mail (>= 2.8.0)
    actionmailer (8.0.2)
      actionpack (= 8.0.2)
      actionview (= 8.0.2)
      activejob (= 8.0.2)
      activesupport (= 8.0.2)
      mail (>= 2.8.0)
      rails-dom-testing (~> 2.2)
    actionpack (8.0.2)
      actionview (= 8.0.2)
      activesupport (= 8.0.2)
      nokogiri (>= 1.8.5)
      rack (>= 2.2.4)
      rack-session (>= 1.0.1)
      rack-test (>= 0.6.3)
      rails-dom-testing (~> 2.2)
      rails-html-sanitizer (~> 1.6)
      useragent (~> 0.16)
    actiontext (8.0.2)
      actionpack (= 8.0.2)
      activerecord (= 8.0.2)
      activestorage (= 8.0.2)
      activesupport (= 8.0.2)
      globalid (>= 0.6.0)
      nokogiri (>= 1.8.5)
    actionview (8.0.2)
      activesupport (= 8.0.2)
      builder (~> 3.1)
      erubi (~> 1.11)
      rails-dom-testing (~> 2.2)
      rails-html-sanitizer (~> 1.6)
    active_hash (3.3.1)
      activesupport (>= 5.0.0)
    active_link_to (1.0.5)
      actionpack
      addressable
    activejob (8.0.2)
      activesupport (= 8.0.2)
      globalid (>= 0.3.6)
    activemodel (8.0.2)
      activesupport (= 8.0.2)
    activerecord (8.0.2)
      activemodel (= 8.0.2)
      activesupport (= 8.0.2)
      timeout (>= 0.4.0)
    activestorage (8.0.2)
      actionpack (= 8.0.2)
      activejob (= 8.0.2)
      activerecord (= 8.0.2)
      activesupport (= 8.0.2)
      marcel (~> 1.0)
    activesupport (8.0.2)
      base64
      benchmark (>= 0.3)
      bigdecimal
      concurrent-ruby (~> 1.0, >= 1.3.1)
      connection_pool (>= 2.2.5)
      drb
      i18n (>= 1.6, < 2)
      logger (>= 1.4.2)
      minitest (>= 5.1)
      securerandom (>= 0.3)
      tzinfo (~> 2.0, >= 2.0.5)
      uri (>= 0.13.1)
    acts_as_votable (0.14.0)
    addressable (2.8.7)
      public_suffix (>= 2.0.2, < 7.0)
    ahoy_captain (1.1.0)
      ahoy_matey (>= 1.1)
      chartkick (>= 4)
      groupdate (>= 5)
      importmap-rails (>= 1)
      pagy (>= 4)
      rails (>= 6)
      ransack (>= 2.3)
      rubyzip
      stimulus-rails (>= 1.1)
      turbo-rails (>= 1.2)
      view_component (>= 3)
    ahoy_matey (5.4.0)
      activesupport (>= 7.1)
      device_detector (>= 1)
      safely_block (>= 0.4)
    annotate (2.6.5)
      activerecord (>= 2.3.0)
      rake (>= 0.8.7)
    ansi (1.5.0)
    ast (2.4.3)
    avo (3.22.0)
      actionview (>= 6.1)
      active_link_to
      activerecord (>= 6.1)
      activesupport (>= 6.1)
      addressable
      avo-heroicons (>= 0.1.1)
      docile
      inline_svg
      meta-tags
      pagy (>= 7.0.0)
      prop_initializer (>= 0.2.0)
      turbo-rails (>= 2.0.0)
      turbo_power (>= 0.6.0)
      view_component (>= 3.7.0)
      zeitwerk (>= 2.6.12)
    avo-heroicons (0.1.1)
    base64 (0.3.0)
    bcrypt (3.1.20)
    benchmark (0.4.1)
    benchmark-ips (2.14.0)
    bigdecimal (3.2.2)
    bindex (0.8.1)
    binding_of_caller (1.0.1)
      debug_inspector (>= 1.2.0)
    bootsnap (1.18.6)
      msgpack (~> 1.2)
    brakeman (7.1.0)
      racc
    builder (3.3.0)
    bullet (8.0.8)
      activesupport (>= 3.0.0)
      uniform_notifier (~> 1.11)
    bullet_train (1.26.0)
      bullet_train-fields
      bullet_train-has_uuid
      bullet_train-roles
      bullet_train-scope_validator
      bullet_train-super_load_and_authorize_resource
      bullet_train-themes
      cable_ready (~> 5.0.0)
      cancancan
      colorize
      commonmarker (>= 1.0.0)
      devise
      devise-pwned_password
      fastimage
      figaro
      http_accept_language
      nice_partials (~> 0.9)
      omniauth (~> 2.0)
      pagy (~> 9)
      possessive
      rails (>= 6.0.0)
      showcase-rails
    bullet_train-api (1.26.0)
      bullet_train
      bullet_train-super_scaffolding
      doorkeeper
      factory_bot
      jbuilder-schema (~> 2.6.6)
      pagy (~> 9)
      rails (>= 6.0.0)
    bullet_train-fields (1.26.0)
      chronic
      cloudinary
      phonelib
      rails (>= 6.0.0)
    bullet_train-has_uuid (1.26.0)
      rails (>= 6.0.0)
    bullet_train-incoming_webhooks (1.26.0)
      bullet_train
      bullet_train-api
      bullet_train-super_scaffolding
      rails (>= 6.0.0)
    bullet_train-integrations (1.26.0)
      rails (>= 6.0.0)
    bullet_train-integrations-stripe (1.26.0)
      omniauth (~> 2.0)
      omniauth-rails_csrf_protection (~> 1.0)
      omniauth-stripe-connect-v2
      rails (>= 6.0.0)
      stripe
    bullet_train-obfuscates_id (1.26.0)
      hashids
      rails (>= 6.0.0)
    bullet_train-outgoing_webhooks (1.26.0)
      public_suffix
      rails (>= 6.0.0)
    bullet_train-roles (1.26.0)
      active_hash (>= 3.3.1)
      activesupport
      cancancan
    bullet_train-scope_validator (1.26.0)
      rails (>= 6.0.0)
    bullet_train-sortable (1.26.0)
      rails (>= 6.0.0)
    bullet_train-super_load_and_authorize_resource (1.26.0)
      cancancan
      rails (>= 6.0.0)
    bullet_train-super_scaffolding (1.26.0)
      colorize
      indefinite_article
      masamune-ast (~> 2.0.2)
      rails (>= 6.0.0)
    bullet_train-themes (1.26.0)
      bullet_train-fields
      nice_partials (~> 0.9)
      rails (>= 6.0.0)
    bullet_train-themes-light (1.26.0)
      bullet_train-themes-tailwind_css
      masamune-ast (~> 2.0.2)
      rails (>= 6.0.0)
    bullet_train-themes-tailwind_css (1.26.0)
      bullet_train-themes
      rails (>= 6.0.0)
    cable_ready (5.0.6)
      actionpack (>= 5.2)
      actionview (>= 5.2)
      activesupport (>= 5.2)
      observer (~> 0.1)
      railties (>= 5.2)
      thread-local (>= 1.1.0)
    cancancan (3.6.1)
    capybara (3.40.0)
      addressable
      matrix
      mini_mime (>= 0.1.3)
      nokogiri (~> 1.11)
      rack (>= 1.6.0)
      rack-test (>= 0.6.3)
      regexp_parser (>= 1.5, < 3.0)
      xpath (~> 3.2)
    capybara-email (3.0.2)
      capybara (>= 2.4, < 4.0)
      mail
    capybara-lockstep (2.2.3)
      activesupport (>= 4.2)
      capybara (>= 3.0)
      ruby2_keywords
      selenium-webdriver (>= 4.0)
    chartkick (5.2.0)
    childprocess (5.1.0)
      logger (~> 1.5)
    choice (0.2.0)
    chronic (0.10.2)
    chronic_duration (0.10.6)
      numerizer (~> 0.1.1)
    chunky_png (1.4.0)
    cloudinary (2.3.1)
      faraday (>= 2.0.1, < 3.0.0)
      faraday-follow_redirects (~> 0.3.0)
      faraday-multipart (~> 1.0, >= 1.0.4)
      ostruct
    code_analyzer (0.5.5)
      sexp_processor
    coderay (1.1.3)
    colorize (1.1.0)
    commonmarker (2.3.1-aarch64-linux)
    commonmarker (2.3.1-arm64-darwin)
    commonmarker (2.3.1-x86_64-darwin)
    commonmarker (2.3.1-x86_64-linux)
    concurrent-ruby (1.3.5)
    connection_pool (2.5.3)
    counter_culture (3.11.2)
      activerecord (>= 4.2)
      activesupport (>= 4.2)
    crack (1.0.0)
      bigdecimal
      rexml
    crass (1.0.6)
    cronex (0.15.0)
      tzinfo
      unicode (>= 0.4.4.5)
    css_parser (1.21.1)
      addressable
    cssbundling-rails (1.4.3)
      railties (>= 6.0.0)
    csv (3.3.5)
    date (3.4.1)
    debug (1.11.0)
      irb (~> 1.10)
      reline (>= 0.3.8)
    debug_inspector (1.2.0)
    derailed_benchmarks (2.2.1)
      base64
      benchmark-ips (~> 2)
      bigdecimal
      drb
      get_process_mem
      heapy (~> 0)
      logger
      memory_profiler (>= 0, < 2)
      mini_histogram (>= 0.3.0)
      mutex_m
      ostruct
      rack (>= 1)
      rack-test
      rake (> 10, < 14)
      ruby-statistics (>= 4.0.1)
      ruby2_keywords
      thor (>= 0.19, < 2)
    device_detector (1.1.3)
    devise (4.9.4)
      bcrypt (~> 3.0)
      orm_adapter (~> 0.1)
      railties (>= 4.1.0)
      responders
      warden (~> 1.2.3)
    devise-pwned_password (0.1.12)
      devise (~> 4)
      pwned (~> 2.4)
    devise-two-factor (6.1.0)
      activesupport (>= 7.0, < 8.1)
      devise (~> 4.0)
      railties (>= 7.0, < 8.1)
      rotp (~> 6.0)
    docile (1.4.1)
    doorkeeper (5.8.2)
      railties (>= 5)
    dotenv (3.1.8)
    dotenv-rails (3.1.8)
      dotenv (= 3.1.8)
      railties (>= 6.1)
    drb (2.2.3)
    erb (5.0.2)
    erubi (1.13.1)
    erubis (2.7.0)
    et-orbi (1.2.11)
      tzinfo
    event_stream_parser (1.0.0)
    execjs (2.10.0)
    factory_bot (6.5.4)
      activesupport (>= 6.1.0)
    factory_bot_rails (6.5.0)
      factory_bot (~> 6.5)
      railties (>= 6.1.0)
    faker (3.5.2)
      i18n (>= 1.8.11, < 2)
    faraday (2.13.2)
      faraday-net_http (>= 2.0, < 3.5)
      json
      logger
    faraday-follow_redirects (0.3.0)
      faraday (>= 1, < 3)
    faraday-multipart (1.1.1)
      multipart-post (~> 2.0)
    faraday-net_http (3.4.1)
      net-http (>= 0.5.0)
    fastimage (2.4.0)
    ffi (1.17.2-aarch64-linux-gnu)
    ffi (1.17.2-arm64-darwin)
    ffi (1.17.2-x86_64-darwin)
    ffi (1.17.2-x86_64-linux-gnu)
    figaro (1.3.0)
      thor (>= 0.14.0, < 2)
    foreman (0.88.1)
    friendly_id (5.5.1)
      activerecord (>= 4.0.0)
    fugit (1.11.1)
      et-orbi (~> 1, >= 1.2.11)
      raabro (~> 1.4)
    get_process_mem (1.0.0)
      bigdecimal (>= 2.0)
      ffi (~> 1.0)
    git (1.19.1)
      addressable (~> 2.8)
      rchardet (~> 1.8)
    globalid (1.2.1)
      activesupport (>= 6.1)
    google_search_results (2.2.0)
    groupdate (6.7.0)
      activesupport (>= 7.1)
    hashdiff (1.2.0)
    hashids (1.0.6)
    hashie (5.0.0)
    heapy (0.2.0)
      thor
    htmlentities (4.3.4)
    http_accept_language (2.1.1)
    httparty (0.23.1)
      csv
      mini_mime (>= 1.0.0)
      multi_xml (>= 0.5.2)
    i18n (1.14.7)
      concurrent-ruby (~> 1.0)
    importmap-rails (2.2.0)
      actionpack (>= 6.0.0)
      activesupport (>= 6.0.0)
      railties (>= 6.0.0)
    indefinite_article (0.2.5)
      activesupport
    inline_svg (1.10.0)
      activesupport (>= 3.0)
      nokogiri (>= 1.6)
    invisible_captcha (2.3.0)
      rails (>= 5.2)
    io-console (0.8.1)
    irb (1.15.2)
      pp (>= 0.6.0)
      rdoc (>= 4.0.0)
      reline (>= 0.4.2)
    jbuilder (2.13.0)
      actionview (>= 5.0.0)
      activesupport (>= 5.0.0)
    jbuilder-schema (2.6.9)
      jbuilder
      method_source
      rails (>= 5.0.0)
    jsbundling-rails (1.3.1)
      railties (>= 6.0.0)
    json (2.13.0)
    jwt (3.1.2)
      base64
    knapsack_pro (8.3.2)
      rake
    language_server-protocol (3.17.0.5)
    launchy (3.1.1)
      addressable (~> 2.8)
      childprocess (~> 5.0)
      logger (~> 1.6)
    letter_opener (1.10.0)
      launchy (>= 2.2, < 4)
    lint_roller (1.1.0)
    logger (1.7.0)
    loofah (2.24.1)
      crass (~> 1.0.2)
      nokogiri (>= 1.12.0)
    magic_test (0.1.0)
      capybara (>= 3.0)
      pry
      pry-stack_explorer
      rails (>= 5.0)
    mail (2.8.1)
      mini_mime (>= 0.1.1)
      net-imap
      net-pop
      net-smtp
    marcel (1.0.4)
    masamune-ast (2.0.2)
      activesupport
      prism (>= 0.14.0)
    matrix (0.4.3)
    memory_profiler (1.1.0)
    meta-tags (2.22.1)
      actionpack (>= 6.0.0, < 8.1)
    method_source (1.1.0)
    mini_histogram (0.3.1)
    mini_magick (5.3.0)
      logger
    mini_mime (1.1.5)
    minitest (5.25.5)
    minitest-reporters (1.7.1)
      ansi
      builder
      minitest (>= 5.0)
      ruby-progressbar
    minitest-retry (0.2.5)
      minitest (>= 5.0)
    mocha (2.7.1)
      ruby2_keywords (>= 0.0.5)
    msgpack (1.8.0)
    multi_json (1.17.0)
    multi_xml (0.7.2)
      bigdecimal (~> 3.1)
    multipart-post (2.4.1)
    mutex_m (0.3.0)
    net-http (0.6.0)
      uri
    net-imap (0.5.9)
      date
      net-protocol
    net-pop (0.1.2)
      net-protocol
    net-protocol (0.2.2)
      timeout
    net-smtp (0.5.1)
      net-protocol
    nice_partials (0.10.1)
      actionview (>= 4.2.6)
    nio4r (2.7.4)
    nokogiri (1.18.9-aarch64-linux-gnu)
      racc (~> 1.4)
    nokogiri (1.18.9-arm64-darwin)
      racc (~> 1.4)
    nokogiri (1.18.9-x86_64-darwin)
      racc (~> 1.4)
    nokogiri (1.18.9-x86_64-linux-gnu)
      racc (~> 1.4)
    numerizer (0.1.1)
    oauth2 (2.0.12)
      faraday (>= 0.17.3, < 4.0)
      jwt (>= 1.0, < 4.0)
      logger (~> 1.2)
      multi_xml (~> 0.5)
      rack (>= 1.2, < 4)
      snaky_hash (~> 2.0, >= 2.0.3)
      version_gem (>= 1.1.8, < 3)
    observer (0.1.2)
    omniauth (2.1.3)
      hashie (>= 3.4.6)
      rack (>= 2.2.3)
      rack-protection
    omniauth-github (2.0.1)
      omniauth (~> 2.0)
      omniauth-oauth2 (~> 1.8)
    omniauth-google-oauth2 (1.2.1)
      jwt (>= 2.9.2)
      oauth2 (~> 2.0)
      omniauth (~> 2.0)
      omniauth-oauth2 (~> 1.8)
    omniauth-oauth2 (1.8.0)
      oauth2 (>= 1.4, < 3)
      omniauth (~> 2.0)
    omniauth-rails_csrf_protection (1.0.2)
      actionpack (>= 4.2)
      omniauth (~> 2.0)
    omniauth-stripe-connect-v2 (1.0.4)
      omniauth (~> 2.0)
      omniauth-oauth2 (~> 1.4)
    orm_adapter (0.5.0)
    ostruct (0.6.3)
    pagy (9.3.5)
    parallel (1.27.0)
    parallel_tests (5.3.0)
      parallel
    parser (3.3.8.0)
      ast (~> 2.4.1)
      racc
    pg (1.5.9)
    pg_search (2.3.7)
      activerecord (>= 6.1)
      activesupport (>= 6.1)
    phonelib (0.10.10)
    possessive (1.0.1)
    pp (0.6.2)
      prettyprint
    premailer (1.27.0)
      addressable
      css_parser (>= 1.19.0)
      htmlentities (>= 4.0.0)
    premailer-rails (1.12.0)
      actionmailer (>= 3)
      net-smtp
      premailer (~> 1.7, >= 1.7.9)
    pretender (0.6.0)
      actionpack (>= 7.1)
    prettyprint (0.2.0)
    prism (1.4.0)
    prop_initializer (0.2.0)
      zeitwerk (>= 2.6.18)
    pry (0.15.2)
      coderay (~> 1.1)
      method_source (~> 1.0)
    pry-stack_explorer (0.6.1)
      binding_of_caller (~> 1.0)
      pry (~> 0.13)
    psych (5.2.6)
      date
      stringio
    public_suffix (6.0.2)
    puma (6.6.0)
      nio4r (~> 2.0)
    pwned (2.4.1)
    raabro (1.4.0)
    racc (1.8.1)
    rack (3.1.16)
    rack-attack (6.7.0)
      rack (>= 1.0, < 4)
    rack-cors (3.0.0)
      logger
      rack (>= 3.0.14)
    rack-mini-profiler (4.0.0)
      rack (>= 1.2.0)
    rack-protection (4.1.1)
      base64 (>= 0.1.0)
      logger (>= 1.6.0)
      rack (>= 3.0.0, < 4)
    rack-session (2.1.1)
      base64 (>= 0.1.0)
      rack (>= 3.0.0)
    rack-test (2.2.0)
      rack (>= 1.3)
    rackup (2.2.1)
      rack (>= 3)
    rails (8.0.2)
      actioncable (= 8.0.2)
      actionmailbox (= 8.0.2)
      actionmailer (= 8.0.2)
      actionpack (= 8.0.2)
      actiontext (= 8.0.2)
      actionview (= 8.0.2)
      activejob (= 8.0.2)
      activemodel (= 8.0.2)
      activerecord (= 8.0.2)
      activestorage (= 8.0.2)
      activesupport (= 8.0.2)
      bundler (>= 1.15.0)
      railties (= 8.0.2)
    rails-dom-testing (2.3.0)
      activesupport (>= 5.0.0)
      minitest
      nokogiri (>= 1.6)
    rails-erd (1.7.2)
      activerecord (>= 4.2)
      activesupport (>= 4.2)
      choice (~> 0.2.0)
      ruby-graphviz (~> 1.2)
    rails-html-sanitizer (1.6.2)
      loofah (~> 2.21)
      nokogiri (>= 1.15.7, != 1.16.7, != 1.16.6, != 1.16.5, != 1.16.4, != 1.16.3, != 1.16.2, != 1.16.1, != 1.16.0.rc1, != 1.16.0)
    rails_best_practices (1.23.2)
      activesupport
      code_analyzer (~> 0.5.5)
      erubis
      i18n
      json
      require_all (~> 3.0)
      ruby-progressbar
    railties (8.0.2)
      actionpack (= 8.0.2)
      activesupport (= 8.0.2)
      irb (~> 1.13)
      rackup (>= 1.0.0)
      rake (>= 12.2)
      thor (~> 1.0, >= 1.2.2)
      zeitwerk (~> 2.6)
    rainbow (3.1.1)
    rake (13.3.0)
    ransack (4.3.0)
      activerecord (>= 6.1.5)
      activesupport (>= 6.1.5)
      i18n
    rchardet (1.9.0)
    rdoc (6.14.2)
      erb
      psych (>= 4.0.0)
    redcarpet (3.6.1)
    redis (5.4.1)
      redis-client (>= 0.22.0)
    redis-client (0.25.1)
      connection_pool
    regexp_parser (2.10.0)
    reline (0.6.2)
      io-console (~> 0.5)
    require_all (3.0.0)
    responders (3.1.1)
      actionpack (>= 5.2)
      railties (>= 5.2)
    rexml (3.4.1)
    rotp (6.3.0)
    rouge (4.6.0)
    rqrcode (3.1.0)
      chunky_png (~> 1.0)
      rqrcode_core (~> 2.0)
    rqrcode_core (2.0.0)
    rubocop (1.75.8)
      json (~> 2.3)
      language_server-protocol (~> 3.17.0.2)
      lint_roller (~> 1.1.0)
      parallel (~> 1.10)
      parser (>= 3.3.0.2)
      rainbow (>= 2.2.2, < 4.0)
      regexp_parser (>= 2.9.3, < 3.0)
      rubocop-ast (>= 1.44.0, < 2.0)
      ruby-progressbar (~> 1.7)
      unicode-display_width (>= 2.4.0, < 4.0)
    rubocop-ast (1.46.0)
      parser (>= 3.3.7.2)
      prism (~> 1.4)
    rubocop-performance (1.25.0)
      lint_roller (~> 1.1)
      rubocop (>= 1.75.0, < 2.0)
      rubocop-ast (>= 1.38.0, < 2.0)
    ruby-graphviz (1.2.5)
      rexml
    ruby-openai (8.1.0)
      event_stream_parser (>= 0.3.0, < 2.0.0)
      faraday (>= 1)
      faraday-multipart (>= 1)
    ruby-progressbar (1.13.0)
    ruby-statistics (4.1.0)
    ruby-vips (2.2.4)
      ffi (~> 1.12)
      logger
    ruby2_keywords (0.0.5)
    rubyzip (2.4.1)
    safely_block (0.5.0)
    secure_headers (7.1.0)
    securerandom (0.4.1)
    selenium-webdriver (4.34.0)
      base64 (~> 0.2)
      logger (~> 1.4)
      rexml (~> 3.2, >= 3.2.5)
      rubyzip (>= 1.2.2, < 3.0)
      websocket (~> 1.0)
    sexp_processor (4.17.3)
    showcase-rails (0.4.6)
      rails (>= 6.1.0)
    sidekiq (8.0.5)
      connection_pool (>= 2.5.0)
      json (>= 2.9.0)
      logger (>= 1.6.2)
      rack (>= 3.1.0)
      redis-client (>= 0.23.2)
    sidekiq-cron (2.3.0)
      cronex (>= 0.13.0)
      fugit (~> 1.8, >= 1.11.1)
      globalid (>= 1.0.1)
      sidekiq (>= 6.5.0)
    sidekiq-status (2.1.3)
      chronic_duration
      sidekiq (>= 5.0)
    simplecov (0.22.0)
      docile (~> 1.1)
      simplecov-html (~> 0.11)
      simplecov_json_formatter (~> 0.1)
    simplecov-html (0.13.2)
    simplecov-json (0.2.3)
      json
      simplecov
    simplecov_json_formatter (0.1.4)
    snaky_hash (2.0.3)
      hashie (>= 0.1.0, < 6)
      version_gem (>= 1.1.8, < 3)
    sprockets (4.2.2)
      concurrent-ruby (~> 1.0)
      logger
      rack (>= 2.2.4, < 4)
    sprockets-rails (3.5.2)
      actionpack (>= 6.1)
      activesupport (>= 6.1)
      sprockets (>= 3.0.0)
    standard (1.50.0)
      language_server-protocol (~> 3.17.0.2)
      lint_roller (~> 1.0)
      rubocop (~> 1.75.5)
      standard-custom (~> 1.0.0)
      standard-performance (~> 1.8)
    standard-custom (1.0.2)
      lint_roller (~> 1.0)
      rubocop (~> 1.50)
    standard-performance (1.8.0)
      lint_roller (~> 1.1)
      rubocop-performance (~> 1.25.0)
    stimulus-rails (1.3.4)
      railties (>= 6.0.0)
    streamio-ffmpeg (3.0.2)
      multi_json (~> 1.8)
    stringio (3.1.7)
    stripe (15.3.0)
    supabase_api (0.3.0)
      httparty
      rack
    terser (1.2.6)
      execjs (>= 0.3.0, < 3)
    thor (1.4.0)
    thread-local (1.1.0)
    tiktoken_ruby (0.0.11.1-aarch64-linux)
    tiktoken_ruby (0.0.11.1-arm64-darwin)
    tiktoken_ruby (0.0.11.1-x86_64-darwin)
    tiktoken_ruby (0.0.11.1-x86_64-linux)
    timeout (0.4.3)
    turbo-rails (2.0.16)
      actionpack (>= 7.1.0)
      railties (>= 7.1.0)
    turbo_power (0.7.0)
      turbo-rails (>= 1.3.0)
    tzinfo (2.0.6)
      concurrent-ruby (~> 1.0)
    unicode (0.4.4.5)
    unicode-display_width (3.1.4)
      unicode-emoji (~> 4.0, >= 4.0.4)
    unicode-emoji (4.0.4)
    uniform_notifier (1.17.0)
    uri (1.0.3)
    useragent (0.16.11)
    vcr (6.3.1)
      base64
    version_gem (1.1.8)
    view_component (3.23.2)
      activesupport (>= 5.2.0, < 8.1)
      concurrent-ruby (~> 1)
      method_source (~> 1.0)
    warden (1.2.9)
      rack (>= 2.0.9)
    web-console (4.2.1)
      actionview (>= 6.0.0)
      activemodel (>= 6.0.0)
      bindex (>= 0.4.0)
      railties (>= 6.0.0)
    webmock (3.25.1)
      addressable (>= 2.8.0)
      crack (>= 0.3.2)
      hashdiff (>= 0.4.0, < 2.0.0)
    websocket (1.2.11)
    websocket-driver (0.8.0)
      base64
      websocket-extensions (>= 0.1.0)
    websocket-extensions (0.1.5)
    xpath (3.2.0)
      nokogiri (~> 1.8)
    zeitwerk (2.7.3)

PLATFORMS
  aarch64-linux
  arm64-darwin-21
  arm64-darwin-22
  arm64-darwin-23
  arm64-darwin-24
  x86_64-darwin-21
  x86_64-linux

DEPENDENCIES
  active_hash
  acts_as_follower!
  acts_as_votable
  ahoy_captain
  ahoy_matey
  annotate
  avo (>= 3.1.7)
  bootsnap
  brakeman
  bullet
  bullet_train (= 1.26.0)
  bullet_train-api (= 1.26.0)
  bullet_train-fields (= 1.26.0)
  bullet_train-has_uuid (= 1.26.0)
  bullet_train-incoming_webhooks (= 1.26.0)
  bullet_train-integrations (= 1.26.0)
  bullet_train-integrations-stripe (= 1.26.0)
  bullet_train-obfuscates_id (= 1.26.0)
  bullet_train-outgoing_webhooks (= 1.26.0)
  bullet_train-roles (= 1.26.0)
  bullet_train-scope_validator (= 1.26.0)
  bullet_train-sortable (= 1.26.0)
  bullet_train-super_load_and_authorize_resource (= 1.26.0)
  bullet_train-super_scaffolding (= 1.26.0)
  bullet_train-themes (= 1.26.0)
  bullet_train-themes-light (= 1.26.0)
  bullet_train-themes-tailwind_css (= 1.26.0)
  capybara (~> 3.39)
  capybara-email
  capybara-lockstep
  chartkick
  chronic
  colorize
  counter_culture
  cssbundling-rails
  debug
  derailed_benchmarks
  devise
  devise-two-factor
  dotenv-rails
  factory_bot_rails (~> 6.2, != 6.4.2, != 6.4.1, != 6.4.0, != 6.3.0)
  faker
  foreman
  friendly_id (~> 5.5)
  git (~> 1.18)
  google_search_results
  groupdate
  httparty
  invisible_captcha
  jbuilder
  jsbundling-rails
  knapsack_pro
  letter_opener
  magic_test
  mini_magick
  minitest-reporters
  minitest-retry
  mocha
  omniauth-github
  omniauth-google-oauth2
  parallel_tests
  pg (>= 0.18, < 2.0)
  pg_search
  premailer-rails
  pretender
  pry
  puma (~> 6.0)
  rack-attack
  rack-cors
  rack-mini-profiler
  rails (~> 8.0.0)
  rails-erd
  rails_best_practices
  redcarpet (~> 3.6)
  redis (~> 5.4.0)
  rouge (~> 4.1)
  rqrcode
  ruby-openai
  ruby-vips
  secure_headers
  selenium-webdriver
  sidekiq
  sidekiq-cron
  sidekiq-status
  simplecov
  simplecov-json
  sprockets-rails
  standard
  stimulus-rails
  streamio-ffmpeg
  supabase_api
  terser
  tiktoken_ruby
  turbo-rails
  tzinfo-data
  vcr
  web-console
  webmock

RUBY VERSION
   ruby 3.3.0p0

BUNDLED WITH
   2.4.10
